GIT
  remote: https://github.com/portertech/kitchen-docker.git
  revision: a2d6501fc69f38921a84cca2641669572c3566be
  specs:
    kitchen-docker (1.7.0)
      test-kitchen (>= 1.0.0)

GIT
  remote: https://github.com/trinitronx/kitchen-ansible.git
  revision: 915805a0704e8cf7c108e4956c79a0fed51a5df7
  specs:
    kitchen-ansible (0.0.3)

GEM
  remote: https://rubygems.org/
  specs:
    activesupport (4.1.9)
      i18n (~> 0.6, >= 0.6.9)
      json (~> 1.7, >= 1.7.7)
      minitest (~> 5.1)
      thread_safe (~> 0.1)
      tzinfo (~> 1.1)
    addressable (2.3.7)
    ansible_spec (0.1)
      hostlist_expression
      oj
      serverspec (>= 2.0.0)
    axiom-types (0.1.1)
      descendants_tracker (~> 0.0.4)
      ice_nine (~> 0.11.0)
      thread_safe (~> 0.3, >= 0.3.1)
    coercible (1.0.0)
      descendants_tracker (~> 0.0.1)
    descendants_tracker (0.0.4)
      thread_safe (~> 0.3, >= 0.3.1)
    diff-lcs (1.2.5)
    droplet_kit (1.1.3)
      activesupport (~> 4.1.6)
      faraday (~> 0.9.1)
      kartograph (~> 0.2.0)
      resource_kit (~> 0.1.1)
      virtus (~> 1.0.3)
    equalizer (0.0.9)
    faraday (0.9.1)
      multipart-post (>= 1.2, < 3)
    hostlist_expression (0.2.1)
    i18n (0.7.0)
    ice_nine (0.11.1)
    json (1.8.2)
    kartograph (0.2.0)
    kitchen-digitalocean (0.8.3)
      droplet_kit (~> 1.0)
      test-kitchen (~> 1.2)
    minitest (5.5.1)
    mixlib-shellout (2.0.1)
    multi_json (1.10.1)
    multipart-post (2.0.0)
    net-scp (1.2.1)
      net-ssh (>= 2.6.5)
    net-ssh (2.9.2)
    oj (2.11.4)
    resource_kit (0.1.2)
      addressable (~> 2.3.6)
    rspec (3.2.0)
      rspec-core (~> 3.2.0)
      rspec-expectations (~> 3.2.0)
      rspec-mocks (~> 3.2.0)
    rspec-core (3.2.0)
      rspec-support (~> 3.2.0)
    rspec-expectations (3.2.0)
      diff-lcs (>= 1.2.0, < 2.0)
      rspec-support (~> 3.2.0)
    rspec-its (1.1.0)
      rspec-core (>= 3.0.0)
      rspec-expectations (>= 3.0.0)
    rspec-mocks (3.2.0)
      diff-lcs (>= 1.2.0, < 2.0)
      rspec-support (~> 3.2.0)
    rspec-support (3.2.1)
    safe_yaml (1.0.4)
    serverspec (2.8.2)
      multi_json
      rspec (~> 3.0)
      rspec-its
      specinfra (~> 2.12)
    specinfra (2.12.5)
      net-scp
      net-ssh
    test-kitchen (1.3.1)
      mixlib-shellout (>= 1.2, < 3.0)
      net-scp (~> 1.1)
      net-ssh (~> 2.7)
      safe_yaml (~> 1.0)
      thor (~> 0.18)
    thor (0.19.1)
    thread_safe (0.3.4)
    tzinfo (1.2.2)
      thread_safe (~> 0.1)
    virtus (1.0.4)
      axiom-types (~> 0.1)
      coercible (~> 1.0)
      descendants_tracker (~> 0.0, >= 0.0.3)
      equalizer (~> 0.0, >= 0.0.9)

PLATFORMS
  ruby

DEPENDENCIES
  ansible_spec
  kitchen-ansible!
  kitchen-digitalocean
  kitchen-docker!
  serverspec
  test-kitchen
